PATH
  remote: .
  specs:
    capybara-webkit (1.0.0)
      capybara (~> 2.0, >= 2.0.2)
      json

GEM
  remote: https://rubygems.org/
  specs:
    appraisal (0.4.0)
      bundler
      rake
    capybara (2.1.0)
      mime-types (>= 1.16)
      nokogiri (>= 1.3.3)
      rack (>= 1.0.0)
      rack-test (>= 0.5.4)
      xpath (~> 2.0)
    childprocess (0.3.6)
      ffi (~> 1.0, >= 1.0.6)
    diff-lcs (1.1.2)
    ffi (1.2.0)
    ffi (1.2.0-x86-mingw32)
    json (1.8.0)
    libwebsocket (0.1.7.1)
      addressable
      websocket
    mime-types (1.22)
    mini_magick (3.2.1)
      subexec (~> 0.0.4)
    multi_json (1.5.0)
    nokogiri (1.5.9)
    rack (1.5.2)
    rack-protection (1.3.2)
      rack
    rack-test (0.6.2)
      rack (>= 1.0)
    rake (0.9.2)
    rspec (2.6.0)
      rspec-core (~> 2.6.0)
      rspec-expectations (~> 2.6.0)
      rspec-mocks (~> 2.6.0)
    rspec-core (2.6.4)
    rspec-expectations (2.6.0)
      diff-lcs (~> 1.1.2)
    rspec-mocks (2.6.0)
    rubyzip (0.9.9)
    selenium-webdriver (2.29.0)
      childprocess (>= 0.2.5)
      multi_json (~> 1.0)
      rubyzip
    sinatra (1.3.5)
      rack (~> 1.4)
      rack-protection (~> 1.3)
      tilt (~> 1.3, >= 1.3.3)
    subexec (0.0.4)
    tilt (1.3.3)
    websocket (1.0.6)
    xpath (2.0.0)
      nokogiri (~> 1.3)

PLATFORMS
  ruby
  x86-mingw32

DEPENDENCIES
  appraisal (~> 0.4.0)
  capybara-webkit!
  mini_magick
  rake
  rspec (~> 2.6.0)
  selenium-webdriver
  sinatra
