PATH
  remote: .
  specs:
    capybara-webkit (0.3.0)
      capybara (~> 1.0.0.beta1)

GEM
  remote: http://rubygems.org/
  specs:
    capybara (1.0.0.beta1)
      mime-types (>= 1.16)
      nokogiri (>= 1.3.3)
      rack (>= 1.0.0)
      rack-test (>= 0.5.4)
      selenium-webdriver (>= 0.0.27)
      xpath (~> 0.1.4)
    childprocess (0.1.9)
      ffi (~> 1.0.6)
    diff-lcs (1.1.2)
    ffi (1.0.8)
    json_pure (1.5.1)
    mime-types (1.16)
    nokogiri (1.4.4)
    rack (1.2.1)
    rack-test (0.6.0)
      rack (>= 1.0)
    rspec (2.5.0)
      rspec-core (~> 2.5.0)
      rspec-expectations (~> 2.5.0)
      rspec-mocks (~> 2.5.0)
    rspec-core (2.5.1)
    rspec-expectations (2.5.0)
      diff-lcs (~> 1.1.2)
    rspec-mocks (2.5.0)
    rubyzip (0.9.4)
    selenium-webdriver (0.2.0)
      childprocess (>= 0.1.7)
      ffi (>= 1.0.7)
      json_pure
      rubyzip
    sinatra (1.1.2)
      rack (~> 1.1)
      tilt (~> 1.2)
    tilt (1.2.2)
    xpath (0.1.4)
      nokogiri (~> 1.3)

PLATFORMS
  ruby

DEPENDENCIES
  capybara-webkit!
  rspec
  sinatra
