PATH
  remote: .
  specs:
    capybara-webkit (0.14.2)
      capybara (~> 2.0, >= 2.0.2)
      json

GEM
  remote: http://rubygems.org/
  specs:
    appraisal (0.4.0)
      bundler
      rake
    capybara (2.0.2)
      mime-types (>= 1.16)
      nokogiri (>= 1.3.3)
      rack (>= 1.0.0)
      rack-test (>= 0.5.4)
      selenium-webdriver (~> 2.0)
      xpath (~> 1.0.0)
    childprocess (0.3.7)
      ffi (~> 1.0, >= 1.0.6)
    diff-lcs (1.1.2)
    ffi (1.3.1)
    json (1.7.6)
    mime-types (1.20.1)
    mini_magick (3.2.1)
      subexec (~> 0.0.4)
    multi_json (1.5.0)
    nokogiri (1.5.6)
    rack (1.4.1)
    rack-test (0.6.2)
      rack (>= 1.0)
    rake (0.9.2)
    rspec (2.6.0)
      rspec-core (~> 2.6.0)
      rspec-expectations (~> 2.6.0)
      rspec-mocks (~> 2.6.0)
    rspec-core (2.6.4)
    rspec-expectations (2.6.0)
      diff-lcs (~> 1.1.2)
    rspec-mocks (2.6.0)
    rubyzip (0.9.9)
    selenium-webdriver (2.29.0)
      childprocess (>= 0.2.5)
      multi_json (~> 1.0)
      rubyzip
      websocket (~> 1.0.4)
    sinatra (1.1.2)
      rack (~> 1.1)
      tilt (~> 1.2)
    subexec (0.0.4)
    tilt (1.2.2)
    websocket (1.0.7)
    xpath (1.0.0)
      nokogiri (~> 1.3)

PLATFORMS
  ruby
  x86-mingw32

DEPENDENCIES
  appraisal (~> 0.4.0)
  capybara-webkit!
  mini_magick
  rake
  rspec (~> 2.6.0)
  sinatra
